PATH
  remote: .
  specs:
    mock_dfe (0.1.0)
      cpf_cnpj (~> 0.5.0)
      faker (~> 1.9.0)
      nokogiri (~> 1.8)

GEM
  remote: https://rubygems.org/
  specs:
    concurrent-ruby (1.1.5)
    cpf_cnpj (0.5.0)
    diff-lcs (1.3)
    faker (1.9.3)
      i18n (>= 0.7)
    i18n (1.6.0)
      concurrent-ruby (~> 1.0)
    mini_portile2 (2.4.0)
    nokogiri (1.10.1)
      mini_portile2 (~> 2.4.0)
    rake (10.5.0)
    rspec (3.8.0)
      rspec-core (~> 3.8.0)
      rspec-expectations (~> 3.8.0)
      rspec-mocks (~> 3.8.0)
    rspec-core (3.8.0)
      rspec-support (~> 3.8.0)
    rspec-expectations (3.8.2)
      diff-lcs (>= 1.2.0, < 2.0)
      rspec-support (~> 3.8.0)
    rspec-mocks (3.8.0)
      diff-lcs (>= 1.2.0, < 2.0)
      rspec-support (~> 3.8.0)
    rspec-support (3.8.0)

PLATFORMS
  ruby

DEPENDENCIES
  bundler (~> 1.16)
  mock_dfe!
  rake (~> 10.0)
  rspec (~> 3.0)

BUNDLED WITH
   1.16.2
